GIT
  remote: git@github.com:spree/endpoint_base.git
  revision: 39db55f1e844f96638b7155a948846e822f6d03c
  specs:
    endpoint_base (0.1.1)
      activesupport
      jbuilder
      json

GEM
  remote: https://rubygems.org/
  specs:
    activesupport (4.0.3)
      i18n (~> 0.6, >= 0.6.4)
      minitest (~> 4.2)
      multi_json (~> 1.3)
      thread_safe (~> 0.1)
      tzinfo (~> 0.3.37)
    addressable (2.3.4)
    atomic (1.1.15)
    awesome_print (1.2.0)
    capistrano (2.15.4)
      highline
      net-scp (>= 1.0.0)
      net-sftp (>= 2.0.0)
      net-ssh (>= 2.0.14)
      net-ssh-gateway (>= 1.1.0)
    coderay (1.0.9)
    crack (0.3.2)
    diff-lcs (1.2.4)
    dotenv (0.7.0)
    ffi (1.8.1)
    foreman (0.63.0)
      dotenv (>= 0.7)
      thor (>= 0.13.6)
    formatador (0.2.4)
    guard (1.8.0)
      formatador (>= 0.2.4)
      listen (>= 1.0.0)
      lumberjack (>= 1.0.2)
      pry (>= 0.9.10)
      thor (>= 0.14.6)
    guard-rspec (3.0.0)
      guard (>= 1.8)
      rspec (~> 2.13)
    highline (1.6.19)
    httparty (0.11.0)
      multi_json (~> 1.0)
      multi_xml (>= 0.5.2)
    i18n (0.6.9)
    jbuilder (2.0.4)
      activesupport (>= 3.0.0)
      multi_json (>= 1.2.0)
    json (1.8.1)
    kgio (2.8.0)
    listen (1.1.1)
      rb-fsevent (>= 0.9.3)
      rb-inotify (>= 0.9)
      rb-kqueue (>= 0.2)
    lumberjack (1.0.3)
    mailchimp (0.0.8)
      httparty
    method_source (0.8.1)
    minitest (4.7.5)
    multi_json (1.9.0)
    multi_xml (0.5.3)
    net-scp (1.1.1)
      net-ssh (>= 2.6.5)
    net-sftp (2.1.2)
      net-ssh (>= 2.6.5)
    net-ssh (2.6.7)
    net-ssh-gateway (1.2.0)
      net-ssh (>= 2.6.5)
    pry (0.9.12.2)
      coderay (~> 1.0.5)
      method_source (~> 0.8)
      slop (~> 3.4)
    rack (1.5.2)
    rack-protection (1.5.1)
      rack
    rack-test (0.6.2)
      rack (>= 1.0)
    raindrops (0.11.0)
    rb-fsevent (0.9.3)
    rb-inotify (0.9.0)
      ffi (>= 0.5.0)
    rb-kqueue (0.2.0)
      ffi (>= 0.5.0)
    rspec (2.13.0)
      rspec-core (~> 2.13.0)
      rspec-expectations (~> 2.13.0)
      rspec-mocks (~> 2.13.0)
    rspec-core (2.13.1)
    rspec-expectations (2.13.0)
      diff-lcs (>= 1.1.3, < 2.0)
    rspec-mocks (2.13.1)
    sinatra (1.4.3)
      rack (~> 1.4)
      rack-protection (~> 1.4)
      tilt (~> 1.3, >= 1.3.4)
    slop (3.4.5)
    terminal-notifier-guard (1.5.3)
    thor (0.18.1)
    thread_safe (0.2.0)
      atomic (>= 1.1.7, < 2)
    tilt (1.4.1)
    tilt-jbuilder (0.5.3)
      jbuilder
      tilt (<= 1.4.1)
    tzinfo (0.3.39)
    unicorn (4.6.2)
      kgio (~> 2.6)
      rack
      raindrops (~> 0.7)
    vcr (2.4.0)
    webmock (1.11.0)
      addressable (>= 2.2.7)
      crack (>= 0.3.2)

PLATFORMS
  ruby

DEPENDENCIES
  awesome_print
  capistrano
  endpoint_base!
  foreman
  guard-rspec
  mailchimp
  pry
  rack-test
  rb-fsevent (~> 0.9.1)
  rspec
  sinatra
  terminal-notifier-guard
  tilt (~> 1.4.1)
  tilt-jbuilder
  unicorn
  vcr
  webmock
